GEM
  remote: https://rubygems.org/
  remote: https://rails-assets.org/
  specs:
    actionmailer (4.1.1)
      actionpack (= 4.1.1)
      actionview (= 4.1.1)
      mail (~> 2.5.4)
    actionpack (4.1.1)
      actionview (= 4.1.1)
      activesupport (= 4.1.1)
      rack (~> 1.5.2)
      rack-test (~> 0.6.2)
    actionview (4.1.1)
      activesupport (= 4.1.1)
      builder (~> 3.1)
      erubis (~> 2.7.0)
    activemodel (4.1.1)
      activesupport (= 4.1.1)
      builder (~> 3.1)
    activerecord (4.1.1)
      activemodel (= 4.1.1)
      activesupport (= 4.1.1)
      arel (~> 5.0.0)
    activesupport (4.1.1)
      i18n (~> 0.6, >= 0.6.9)
      json (~> 1.7, >= 1.7.7)
      minitest (~> 5.1)
      thread_safe (~> 0.1)
      tzinfo (~> 1.1)
    addressable (2.3.6)
    angularjs-rails (1.3.0)
    arel (5.0.1.20140414130214)
    awesome_print (1.2.0)
    better_errors (1.1.0)
      coderay (>= 1.0.0)
      erubis (>= 2.6.6)
    bootstrap-sass (3.2.0.2)
      sass (~> 3.2)
    builder (3.2.2)
    carrierwave (0.10.0)
      activemodel (>= 3.2.0)
      activesupport (>= 3.2.0)
      json (>= 1.7)
      mime-types (>= 1.16)
    celluloid (0.15.2)
      timers (~> 1.1.0)
    coderay (1.1.0)
    coffee-rails (4.0.1)
      coffee-script (>= 2.2.0)
      railties (>= 4.0.0, < 5.0)
    coffee-script (2.3.0)
      coffee-script-source
      execjs
    coffee-script-source (1.8.0)
    configus (0.0.5)
    connection_pool (2.0.0)
    crack (0.4.2)
      safe_yaml (~> 1.0.0)
    diff-lcs (1.2.5)
    erubis (2.7.0)
    execjs (2.2.2)
    factory_girl (4.4.0)
      activesupport (>= 3.0.0)
    factory_girl_rails (4.4.1)
      factory_girl (~> 4.4.0)
      railties (>= 3.0.0)
    factory_girl_sequences (4.3.0)
      activesupport (>= 3.0.0)
      factory_girl (~> 4.0)
    filepicker-rails (1.2.0)
      rails (>= 3.2)
    gon (5.0.4)
      actionpack (>= 2.3.0)
      json
    haml (4.0.5)
      tilt
    haml-rails (0.5.3)
      actionpack (>= 4.0.1)
      activesupport (>= 4.0.1)
      haml (>= 3.1, < 5.0)
      railties (>= 4.0.1)
    hike (1.2.3)
    hiredis (0.5.2)
    i18n (0.6.11)
    jquery-rails (3.1.2)
      railties (>= 3.0, < 5.0)
      thor (>= 0.14, < 2.0)
    js-routes (0.9.8)
      railties (>= 3.2)
      sprockets-rails
    json (1.8.1)
    kgio (2.9.2)
    libv8 (3.16.14.7)
    lodash-rails (2.4.1)
      railties (>= 3.1)
    mail (2.5.4)
      mime-types (~> 1.16)
      treetop (~> 1.4.8)
    mime-types (1.25.1)
    mini_portile (0.6.0)
    minitest (5.4.2)
    multi_json (1.10.1)
    nokogiri (1.6.3.1)
      mini_portile (= 0.6.0)
    non-stupid-digest-assets (1.0.4)
    pg (0.17.1)
    polyglot (0.3.5)
    predicated (0.2.6)
    rack (1.5.2)
    rack-protection (1.3.2)
      rack
    rack-test (0.6.2)
      rack (>= 1.0)
    rails (4.1.1)
      actionmailer (= 4.1.1)
      actionpack (= 4.1.1)
      actionview (= 4.1.1)
      activemodel (= 4.1.1)
      activerecord (= 4.1.1)
      activesupport (= 4.1.1)
      bundler (>= 1.3.0, < 2.0)
      railties (= 4.1.1)
      sprockets-rails (~> 2.0)
    rails-assets-angular (1.3.0)
    rails-assets-angular-bootstrap (0.11.2)
      rails-assets-angular (>= 1)
    rails-assets-bootstrap-filestyle (1.1.2)
    rails-assets-fabric (1.4.11)
    rails-assets-papaparse.js (3.1.2)
    rails_12factor (0.0.3)
      rails_serve_static_assets
      rails_stdout_logging
    rails_serve_static_assets (0.0.2)
    rails_stdout_logging (0.0.3)
    railties (4.1.1)
      actionpack (= 4.1.1)
      activesupport (= 4.1.1)
      rake (>= 0.8.7)
      thor (>= 0.18.1, < 2.0)
    raindrops (0.13.0)
    rake (10.3.2)
    rdoc (4.1.2)
      json (~> 1.4)
    redis (3.1.0)
    redis-namespace (1.5.0)
      redis (~> 3.0, >= 3.0.4)
    ref (1.0.5)
    ruby2ruby (2.1.1)
      ruby_parser (~> 3.1)
      sexp_processor (~> 4.0)
    ruby_parser (3.6.1)
      sexp_processor (~> 4.1)
    russian (0.6.0)
      i18n (>= 0.5.0)
    safe_yaml (1.0.3)
    sass (3.2.19)
    sass-rails (4.0.3)
      railties (>= 4.0.0, < 5.0)
      sass (~> 3.2.0)
      sprockets (~> 2.8, <= 2.11.0)
      sprockets-rails (~> 2.0)
    sdoc (0.4.1)
      json (~> 1.7, >= 1.7.7)
      rdoc (~> 4.0)
    sexp_processor (4.4.3)
    sidekiq (3.1.4)
      celluloid (>= 0.15.2)
      connection_pool (>= 2.0.0)
      json
      redis (>= 3.0.6)
      redis-namespace (>= 1.3.1)
    sinatra (1.3.3)
      rack (~> 1.3, >= 1.3.6)
      rack-protection (~> 1.2)
      tilt (~> 1.3, >= 1.3.3)
    spring (1.1.3)
    sprockets (2.11.0)
      hike (~> 1.2)
      multi_json (~> 1.0)
      rack (~> 1.0)
      tilt (~> 1.1, != 1.3.0)
    sprockets-rails (2.2.0)
      actionpack (>= 3.0)
      activesupport (>= 3.0)
      sprockets (>= 2.8, < 4.0)
    therubyracer (0.12.1)
      libv8 (~> 3.16.14.0)
      ref
    thor (0.19.1)
    thread_safe (0.3.4)
    tilt (1.4.1)
    timers (1.1.0)
    treetop (1.4.15)
      polyglot
      polyglot (>= 0.3.1)
    tzinfo (1.2.2)
      thread_safe (~> 0.1)
    uglifier (2.5.3)
      execjs (>= 0.3.0)
      json (>= 1.8.0)
    unicorn (4.8.3)
      kgio (~> 2.6)
      rack
      raindrops (~> 0.7)
    unicorn-rails (2.1.1)
      rack
      unicorn
    webmock (1.18.0)
      addressable (>= 2.3.6)
      crack (>= 0.3.2)
    wrong (0.7.1)
      diff-lcs (~> 1.2.5)
      predicated (~> 0.2.6)
      ruby2ruby (>= 2.0.1)
      ruby_parser (>= 3.0.1)
      sexp_processor (>= 4.0)

PLATFORMS
  ruby

DEPENDENCIES
  angularjs-rails
  awesome_print
  better_errors
  bootstrap-sass
  carrierwave
  coffee-rails (~> 4.0.0)
  configus
  factory_girl_rails
  factory_girl_sequences (~> 4.3.0)
  filepicker-rails
  gon
  haml-rails
  hiredis
  jquery-rails
  js-routes
  lodash-rails
  nokogiri
  non-stupid-digest-assets
  pg
  rails (= 4.1.1)
  rails-assets-angular-bootstrap
  rails-assets-bootstrap-filestyle
  rails-assets-fabric
  rails-assets-papaparse.js
  rails_12factor
  redis
  russian
  sass-rails (~> 4.0.3)
  sdoc (~> 0.4.0)
  sidekiq
  sinatra (>= 1.3.0)
  spring
  therubyracer
  uglifier (>= 1.3.0)
  unicorn-rails
  webmock
  wrong
